GEM
  remote: https://rubygems.org/
  specs:
    diff-lcs (1.2.5)
    flickraw (0.9.8)
    flickraw-cached (20120701)
      flickraw (>= 0.9)
    htmlentities (4.3.2)
    mail (2.6.1)
      mime-types (>= 1.16, < 3)
    mime-types (2.4.3)
    redcarpet (3.2.0)
    rspec (3.1.0)
      rspec-core (~> 3.1.0)
      rspec-expectations (~> 3.1.0)
      rspec-mocks (~> 3.1.0)
    rspec-core (3.1.7)
      rspec-support (~> 3.1.0)
    rspec-expectations (3.1.2)
      diff-lcs (>= 1.2.0, < 2.0)
      rspec-support (~> 3.1.0)
    rspec-mocks (3.1.3)
      rspec-support (~> 3.1.0)
    rspec-support (3.1.2)
    settingslogic (2.0.9)

PLATFORMS
  ruby

DEPENDENCIES
  flickraw-cached
  htmlentities
  mail
  redcarpet
  rspec
  settingslogic
